NUGET
  remote: https://nuget.org/api/v2
  specs:
    FAKE (3.34.7)
    FParsec (1.0.1)
    FSharp.Core (3.1.2.1)
    NuGet.CommandLine (2.8.5)
    SourceLink.Fake (0.5.0)
